GEM
  specs:
    aws-sdk (2.10.3)
      aws-sdk-resources (= 2.10.3)
    aws-sdk-core (2.10.3)
      aws-sigv4 (~> 1.0)
      jmespath (~> 1.0)
    aws-sdk-resources (2.10.3)
      aws-sdk-core (= 2.10.3)
    aws-sigv4 (1.0.0)
    jmespath (1.3.1)

PLATFORMS
  ruby

DEPENDENCIES
  aws-sdk
  bundler

RUBY VERSION
   ruby 2.4.0p0

BUNDLED WITH
   1.15.1
